FRAMEWORK: NET462
NUGET
  remote: https://www.nuget.org/api/v2
    FSharp.Core (4.1.12)
      System.ValueTuple (>= 4.3)
    GreenPipes (1.0.9)
    MassTransit (3.5.7)
      GreenPipes (>= 1.0.9)
      NewId (>= 3.0)
      Newtonsoft.Json (>= 9.0.1)
    MassTransit.NLog (3.5.7)
      GreenPipes (>= 1.0.9)
      MassTransit (>= 3.5.7)
      Newtonsoft.Json (>= 9.0.1)
      NLog (>= 4.4.5)
    MassTransit.RabbitMQ (3.5.7)
      GreenPipes (>= 1.0.9)
      MassTransit (>= 3.5.7)
      NewId (>= 3.0)
      Newtonsoft.Json (>= 9.0.1)
      RabbitMQ.Client (>= 4.1.3)
    NewId (3.0)
    Newtonsoft.Json (10.0.2)
    NLog (4.4.6)
    RabbitMQ.Client (4.1.3)
    System.ValueTuple (4.3)
